GEM
  remote: http://rubygems.org/
  specs:
    git (1.2.5)
    jeweler (1.6.2)
      bundler (~> 1.0)
      git (>= 1.2.5)
      rake
    json (1.5.2)
    mime-types (1.16)
    rake (0.8.7)
    rcov (0.9.9)
    shoulda (2.11.3)
    typhoeus (0.2.4)
      mime-types
      mime-types

PLATFORMS
  ruby

DEPENDENCIES
  bundler (~> 1.0.0)
  jeweler (~> 1.6.2)
  json (> 1.1.5)
  rcov
  shoulda
  typhoeus (~> 0.2)
